GIT
  remote: git@gitlab.protontech.ch:proton/devops/quality/danger-cobertura.git
  revision: a6524d0262084f479f94dc59037892e412890698
  specs:
    danger-cobertura (1.3.0)
      danger-plugin-api (~> 1.0)
      oga (~> 2.15)

GIT
  remote: git@gitlab.protontech.ch:proton/devops/quality/danger-random-reviewers.git
  revision: 732a4fb0b871ba6851a4f3b71a019787176afc7b
  branch: main
  specs:
    danger-random_reviewers (0.0.1)
      danger-plugin-api (~> 1.0)

GEM
  remote: https://rubygems.org/
  specs:
    addressable (2.8.7)
      public_suffix (>= 2.0.2, < 7.0)
    ansi (1.5.0)
    ast (2.4.2)
    base64 (0.2.0)
    bigdecimal (3.1.9)
    claide (1.1.0)
    claide-plugins (0.9.2)
      cork
      nap
      open4 (~> 1.3)
    colored2 (3.1.2)
    cork (0.3.0)
      colored2 (~> 3.1)
    csv (3.3.2)
    danger (9.5.1)
      base64 (~> 0.2)
      claide (~> 1.0)
      claide-plugins (>= 0.9.2)
      colored2 (~> 3.1)
      cork (~> 0.1)
      faraday (>= 0.9.0, < 3.0)
      faraday-http-cache (~> 2.0)
      git (~> 1.13)
      kramdown (~> 2.3)
      kramdown-parser-gfm (~> 1.0)
      octokit (>= 4.0)
      pstore (~> 0.1)
      terminal-table (>= 1, < 4)
    danger-gitlab (8.0.0)
      danger
      gitlab (~> 4.2, >= 4.2.0)
    danger-plugin-api (1.0.0)
      danger (> 2.0)
    faraday (2.12.2)
      faraday-net_http (>= 2.0, < 3.5)
      json
      logger
    faraday-http-cache (2.5.1)
      faraday (>= 0.8)
    faraday-net_http (3.4.0)
      net-http (>= 0.5.0)
    git (1.17.2)
      addressable (~> 2.8)
      rchardet (~> 1.8)
    gitlab (4.20.1)
      httparty (~> 0.20)
      terminal-table (>= 1.5.1)
    httparty (0.22.0)
      csv
      mini_mime (>= 1.0.0)
      multi_xml (>= 0.5.2)
    json (2.10.1)
    kramdown (2.5.1)
      rexml (>= 3.3.9)
    kramdown-parser-gfm (1.1.0)
      kramdown (~> 2.0)
    logger (1.6.6)
    mini_mime (1.1.5)
    multi_xml (0.7.1)
      bigdecimal (~> 3.1)
    nap (1.1.0)
    net-http (0.6.0)
      uri
    octokit (9.2.0)
      faraday (>= 1, < 3)
      sawyer (~> 0.9)
    oga (2.15)
      ast
      ruby-ll (~> 2.1)
    open4 (1.3.4)
    pstore (0.1.4)
    public_suffix (6.0.1)
    rchardet (1.9.0)
    rexml (3.4.1)
    ruby-ll (2.1.3)
      ansi
      ast
    sawyer (0.9.2)
      addressable (>= 2.3.5)
      faraday (>= 0.17.3, < 3)
    terminal-table (3.0.2)
      unicode-display_width (>= 1.1.1, < 3)
    unicode-display_width (2.6.0)
    uri (1.0.3)

PLATFORMS
  arm64-darwin-23
  universal-darwin-20
  universal-darwin-21
  x86_64-darwin-22
  x86_64-linux

DEPENDENCIES
  danger-cobertura!
  danger-gitlab (~> 8.0)
  danger-random_reviewers!
  git (~> 1.17.2)

BUNDLED WITH
   2.6.3
